PATH
  remote: .
  specs:
    falkorlib (0.1.0)
      git (~> 1.2, >= 1.2.5)
      git_remote_branch (~> 0)
      rake (~> 10.1, >= 10.1.0)
      term-ansicolor (~> 1.3)

GEM
  remote: http://rubygems.org/
  specs:
    awesome_print (1.2.0)
    coderay (1.1.0)
    diff-lcs (1.1.3)
    git (1.2.6)
    git_remote_branch (0.3.8)
    method_source (0.8.2)
    pry (0.9.12.6)
      coderay (~> 1.0)
      method_source (~> 0.8)
      slop (~> 3.4)
    rake (10.3.2)
    rspec (2.7.0)
      rspec-core (~> 2.7.0)
      rspec-expectations (~> 2.7.0)
      rspec-mocks (~> 2.7.0)
    rspec-core (2.7.1)
    rspec-expectations (2.7.0)
      diff-lcs (~> 1.1.2)
    rspec-mocks (2.7.0)
    slop (3.5.0)
    term-ansicolor (1.3.0)
      tins (~> 1.0)
    tins (1.3.0)
    yard (0.8.7.4)

PLATFORMS
  ruby

DEPENDENCIES
  awesome_print (~> 1.2)
  bundler (~> 1.0)
  falkorlib!
  pry (~> 0.9)
  rspec (~> 2.7, >= 2.7.0)
  yard (~> 0.8)
