PATH
  remote: .
  specs:
    falkorlib (0.1.0)
      git (~> 1.2.5)
      git_remote_branch
      rake (~> 0.9.2)
      term-ansicolor

GEM
  remote: http://rubygems.org/
  specs:
    bluecloth (2.2.0)
    diff-lcs (1.1.3)
    git (1.2.5)
    git_remote_branch (0.3.4)
      rainbow
    rainbow (1.1.4)
    rake (0.9.6)
    rspec (2.7.0)
      rspec-core (~> 2.7.0)
      rspec-expectations (~> 2.7.0)
      rspec-mocks (~> 2.7.0)
    rspec-core (2.7.1)
    rspec-expectations (2.7.0)
      diff-lcs (~> 1.1.2)
    rspec-mocks (2.7.0)
    term-ansicolor (1.0.7)
    wlang (0.10.2)
    yard (0.7.5)

PLATFORMS
  ruby

DEPENDENCIES
  bluecloth (~> 2.2.0)
  bundler (~> 1.0)
  falkorlib!
  git (~> 1.2.5)
  rake (~> 0.9.2)
  rspec (~> 2.7.0)
  term-ansicolor (~> 1.0.7)
  wlang (~> 0.10.2)
  yard (~> 0.7.2)
